GIT
  remote: git://github.com/curationexperts/oargun.git
  revision: 8d4b556107ca4c042380acb918cffd5b21baaeac
  ref: 8d4b556
  specs:
    oargun (0.0.1)
      active-fedora (~> 9.0)
      active-triples (>= 0.7.5)
      activesupport (~> 4.0)
      linked_vocabs (~> 0.2)
      rdf-vocab (~> 0.8)
      rest-client (~> 1.7)

GIT
  remote: git://github.com/jcoyne/kaminari.git
  revision: 7f7108e12bdd64eb5a76177633768feb14df5453
  branch: sufia
  specs:
    kaminari (1.0.0.alpha)
      actionpack (>= 3.0.0)
      activesupport (>= 3.0.0)

GIT
  remote: git://github.com/projecthydra-labs/curation_concerns.git
  revision: cc5a5ed7e0fc4ef810032b52539c0089a29a23fd
  specs:
    curation_concerns (0.8.0)
      blacklight (~> 6.0)
      blacklight_advanced_search (~> 6.0)
      breadcrumbs_on_rails (~> 2.3)
      curation_concerns-models (= 0.8.0)
      hydra-editor (~> 1.1)
      hydra-head (~> 9.6)
      jquery-ui-rails
      rails_autolink
      simple_form (~> 3.1)
      sprockets-es6
    curation_concerns-models (0.8.0)
      active_attr
      active_fedora-noid (~> 1.0)
      hydra-collections (~> 7.0)
      hydra-head (~> 9.3)
      hydra-works (~> 0.7)
      qa (~> 0.5)
      redlock (~> 0.1.2)
      resque (~> 1.23)
      resque-pool (~> 0.3)

GIT
  remote: git://github.com/projecthydra/hydra-collections.git
  revision: 825f79fb6909b113886181adac95c49aab1198f6
  specs:
    hydra-collections (7.0.0)
      blacklight (~> 6.0)
      deprecation (~> 0.1)
      hydra-head (~> 9.1)
      hydra-works (~> 0.4)
      rdf (~> 1.99)
      rdf-vocab (~> 0)

GIT
  remote: git://github.com/projecthydra/hydra-head.git
  revision: aca8b16fb7b0c1625acb74afef19cdeb62764370
  branch: replace_uri_with_graph
  specs:
    hydra-access-controls (9.7.1)
      active-fedora (~> 9.8)
      activesupport (~> 4.0)
      blacklight (>= 5.16)
      blacklight-access_controls (~> 0.1)
      cancancan (~> 1.8)
      deprecation (~> 0.2)
    hydra-core (9.7.1)
      active-fedora (~> 9.8)
      hydra-access-controls (= 9.7.1)
      rails (~> 4.0)
    hydra-head (9.7.1)
      hydra-access-controls (= 9.7.1)
      hydra-core (= 9.7.1)
      rails (>= 3.2.6)

GIT
  remote: git://github.com/traject/traject.git
  revision: 656a992c400a472bf5b738ec7a3aa208cc449472
  branch: allow_nil_default
  specs:
    traject (2.1.0)
      concurrent-ruby (>= 0.8.0)
      dot-properties (>= 0.1.1)
      hashie (~> 3.1)
      httpclient (~> 2.5)
      marc (~> 1.0)
      marc-fastxmlwriter (~> 1.0)
      slop (>= 3.4.5, < 4.0)
      yell

GEM
  remote: https://rubygems.org/
  specs:
    actionmailer (4.2.5)
      actionpack (= 4.2.5)
      actionview (= 4.2.5)
      activejob (= 4.2.5)
      mail (~> 2.5, >= 2.5.4)
      rails-dom-testing (~> 1.0, >= 1.0.5)
    actionpack (4.2.5)
      actionview (= 4.2.5)
      activesupport (= 4.2.5)
      rack (~> 1.6)
      rack-test (~> 0.6.2)
      rails-dom-testing (~> 1.0, >= 1.0.5)
      rails-html-sanitizer (~> 1.0, >= 1.0.2)
    actionview (4.2.5)
      activesupport (= 4.2.5)
      builder (~> 3.1)
      erubis (~> 2.7.0)
      rails-dom-testing (~> 1.0, >= 1.0.5)
      rails-html-sanitizer (~> 1.0, >= 1.0.2)
    active-fedora (9.9.0)
      active-triples (~> 0.7.1)
      activesupport (>= 4.1.0)
      deprecation
      ldp (~> 0.4.0)
      linkeddata
      nom-xml (>= 0.5.1)
      om (~> 3.1)
      rdf-rdfxml (~> 1.1)
      rsolr (~> 1.0.10)
    active-triples (0.7.5)
      activemodel (>= 3.0.0)
      activesupport (>= 3.0.0)
      deprecation (~> 0.1)
      linkeddata (~> 1.1)
      rdf (~> 1.1)
    active_attr (0.9.0)
      activemodel (>= 3.0.2, < 5.1)
      activesupport (>= 3.0.2, < 5.1)
    active_fedora-noid (1.0.3)
      active-fedora (~> 9.7)
      noid (~> 0.7)
    activefedora-aggregation (0.8.1)
      active-fedora (~> 9.5)
      activesupport
      rdf (~> 1.1, >= 1.1.17.1)
      rdf-vocab (~> 0.8.1)
    activejob (4.2.5)
      activesupport (= 4.2.5)
      globalid (>= 0.3.0)
    activemodel (4.2.5)
      activesupport (= 4.2.5)
      builder (~> 3.1)
    activerecord (4.2.5)
      activemodel (= 4.2.5)
      activesupport (= 4.2.5)
      arel (~> 6.0)
    activerecord-import (0.11.0)
      activerecord (>= 3.0)
    activesupport (4.2.5)
      i18n (~> 0.7)
      json (~> 1.7, >= 1.7.7)
      minitest (~> 5.1)
      thread_safe (~> 0.3, >= 0.3.4)
      tzinfo (~> 1.1)
    addressable (2.4.0)
    american_date (1.1.1)
    arel (6.0.3)
    ast (2.2.0)
    autoprefixer-rails (6.3.3)
      execjs
      json
    awesome_print (1.6.1)
    babel-source (5.8.35)
    babel-transpiler (0.7.0)
      babel-source (>= 4.0, < 6)
      execjs (~> 2.0)
    bcp47 (0.3.3)
      i18n
    bcrypt (3.1.10)
    blacklight (6.0.1)
      bootstrap-sass (~> 3.2)
      deprecation
      globalid
      kaminari (>= 0.15)
      nokogiri (~> 1.6)
      rails (>= 4.1, < 5)
      rsolr (~> 1.0.11)
      twitter-typeahead-rails (~> 0.11)
    blacklight-access_controls (0.3.0)
      blacklight (~> 6.0)
      cancancan (~> 1.8)
    blacklight-gallery (0.5.0)
      blacklight (> 6.0.0.pre, < 7)
      bootstrap-sass (~> 3.0)
      openseadragon (>= 0.2.0)
      rails
    blacklight_advanced_search (6.0.1)
      blacklight (~> 6.0.1)
      parslet
    blacklight_range_limit (6.0.0)
      blacklight (>= 6.0.0.pre2, < 7)
      jquery-rails
      rails (>= 3.0, < 5.0)
    blankslate (3.1.3)
    bootstrap-sass (3.3.6)
      autoprefixer-rails (>= 5.2.1)
      sass (>= 3.3.4)
    bootstrap_form (2.3.0)
    breadcrumbs_on_rails (2.3.1)
    builder (3.2.2)
    byebug (8.2.1)
    cancancan (1.13.1)
    capistrano (3.4.0)
      i18n
      rake (>= 10.0.0)
      sshkit (~> 1.3)
    capistrano-bundler (1.1.4)
      capistrano (~> 3.1)
      sshkit (~> 1.2)
    capistrano-passenger (0.2.0)
      capistrano (~> 3.0)
    capistrano-rails (1.1.5)
      capistrano (~> 3.1)
      capistrano-bundler (~> 1.1)
    capybara (2.5.0)
      mime-types (>= 1.16)
      nokogiri (>= 1.3.3)
      rack (>= 1.0.0)
      rack-test (>= 0.5.4)
      xpath (~> 2.0)
    childprocess (0.5.9)
      ffi (~> 1.0, >= 1.0.11)
    cliver (0.3.2)
    coffee-rails (4.1.1)
      coffee-script (>= 2.2.0)
      railties (>= 4.0.0, < 5.1.x)
    coffee-script (2.4.1)
      coffee-script-source
      execjs
    coffee-script-source (1.10.0)
    concurrent-ruby (1.0.0)
    crack (0.4.3)
      safe_yaml (~> 1.0.0)
    curb (0.9.1)
    daemons (1.2.3)
    database_cleaner (1.5.1)
    deprecation (0.2.2)
      activesupport
    devise (3.5.3)
      bcrypt (~> 3.0)
      orm_adapter (~> 0.1)
      railties (>= 3.2.6, < 5)
      responders
      thread_safe (~> 0.1)
      warden (~> 1.2.3)
    devise-guests (0.5.0)
      devise
    devise_ldap_authenticatable (0.8.5)
      devise (>= 3.4.1)
      net-ldap (>= 0.6.0, <= 0.11)
    diff-lcs (1.2.5)
    domain_name (0.5.20160128)
      unf (>= 0.0.5, < 1.0.0)
    dot-properties (0.1.3)
    ebnf (1.0.0)
      rdf (~> 1.1)
      sxp (~> 0.1, >= 0.1.3)
    equivalent-xml (0.6.0)
      nokogiri (>= 1.4.3)
    erubis (2.7.0)
    execjs (2.6.0)
    ezid-client (1.2.0)
      hashie
    factory_girl (4.5.0)
      activesupport (>= 3.0.0)
    factory_girl_rails (4.5.0)
      factory_girl (~> 4.5.0)
      railties (>= 3.0.0)
    faraday (0.9.2)
      multipart-post (>= 1.2, < 3)
    ffi (1.9.10)
    globalid (0.3.6)
      activesupport (>= 4.1.0)
    haml (4.0.7)
      tilt
    hashdiff (0.2.3)
    hashie (3.4.3)
    htmlentities (4.3.4)
    http-cookie (1.0.2)
      domain_name (~> 0.5)
    http_logger (0.5.1)
    httpclient (2.7.1)
    hydra-derivatives (3.0.0)
      active-fedora (~> 9.0)
      activesupport (~> 4.0)
      deprecation
      mime-types (< 3)
      mini_magick (>= 3.2, < 5)
    hydra-editor (1.2.0)
      active-fedora (>= 9.0.0)
      cancancan (~> 1.8)
      rails (~> 4.1)
      simple_form (~> 3.1.0)
    hydra-file_characterization (0.3.3)
      activesupport (>= 3.0.0)
    hydra-pcdm (0.4.0)
      active-fedora (~> 9.6)
      activefedora-aggregation (~> 0.6)
      mime-types (>= 1)
    hydra-role-management (0.2.2)
      blacklight
      bootstrap_form
      cancancan
    hydra-works (0.7.0)
      hydra-derivatives (~> 3.0)
      hydra-file_characterization (~> 0.3, >= 0.3.3)
      hydra-pcdm (~> 0.4)
    i18n (0.7.0)
    iso-639 (0.2.5)
    jbuilder (2.4.0)
      activesupport (>= 3.0.0, < 5.1)
      multi_json (~> 1.2)
    jettywrapper (2.0.3)
      activesupport (>= 3.0.0)
      childprocess
      i18n
      logger
      rubyzip
    jquery-rails (4.0.5)
      rails-dom-testing (~> 1.0)
      railties (>= 4.2.0)
      thor (>= 0.14, < 2.0)
    jquery-ui-rails (5.0.5)
      railties (>= 3.2.16)
    json (1.8.3)
    json-ld (1.99.0)
      multi_json (~> 1.11)
      rdf (~> 1.99)
    ldp (0.4.1)
      faraday
      http_logger
      linkeddata (>= 1.1)
      slop
    libv8 (3.16.14.13)
    link_header (0.0.8)
    linked_vocabs (0.3.1)
      active-triples (>= 0.6.0)
      rake
      rdf (>= 1.1.2.1)
      rdf-vocab
      sparql
      sparql-client
    linkeddata (1.1.11)
      equivalent-xml (~> 0.5)
      json-ld (~> 1.1, >= 1.1.8)
      nokogiri (~> 1.6)
      rdf (~> 1.1, >= 1.1.11)
      rdf-aggregate-repo (~> 1.1)
      rdf-isomorphic (~> 1.1)
      rdf-json (~> 1.1, >= 1.1.2)
      rdf-microdata (~> 2.0, >= 2.0.1)
      rdf-n3 (~> 1.1, >= 1.1.3)
      rdf-rdfa (~> 1.1, >= 1.1.6)
      rdf-rdfxml (~> 1.1, >= 1.1.4)
      rdf-reasoner (~> 0.2, >= 0.2.1)
      rdf-tabular (~> 0.1, >= 0.1.2)
      rdf-trig (~> 1.1, >= 1.1.4)
      rdf-trix (~> 1.1)
      rdf-turtle (~> 1.1, >= 1.1.6)
      rdf-vocab (~> 0.8)
      rdf-xsd (~> 1.1, >= 1.1.3)
      sparql (~> 1.1, >= 1.1.5)
      sparql-client (~> 1.1, >= 1.1.3)
    logger (1.2.8)
    loofah (2.0.3)
      nokogiri (>= 1.5.9)
    mail (2.6.3)
      mime-types (>= 1.16, < 3)
    marc (1.0.0)
      scrub_rb (>= 1.0.1, < 2)
      unf
    marc-fastxmlwriter (1.0.0)
      marc (~> 1.0)
    mime-types (2.99)
    mini_magick (4.4.0)
    mini_portile2 (2.0.0)
    minitest (5.8.4)
    mods (2.0.3)
      iso-639
      nokogiri
      nom-xml (~> 0.5.2)
    mono_logger (1.1.0)
    multi_json (1.11.2)
    multipart-post (2.0.0)
    net-http-persistent (2.9.4)
    net-ldap (0.11)
    net-scp (1.2.1)
      net-ssh (>= 2.6.5)
    net-ssh (3.0.2)
    netrc (0.11.0)
    noid (0.8.0)
    nokogiri (1.6.7.2)
      mini_portile2 (~> 2.0.0.rc2)
    nom-xml (0.5.4)
      activesupport (>= 3.2.18)
      i18n
      nokogiri
    om (3.1.0)
      activemodel
      activesupport
      nokogiri (>= 1.4.2)
      solrizer (~> 3.3)
    openseadragon (0.2.1)
      rails (> 3.2.0)
    orm_adapter (0.5.0)
    parser (2.3.0.5)
      ast (~> 2.2)
    parslet (1.7.1)
      blankslate (>= 2.0, <= 4.0)
    pg (0.18.4)
    poltergeist (1.8.1)
      capybara (~> 2.1)
      cliver (~> 0.3.1)
      multi_json (~> 1.0)
      websocket-driver (>= 0.2.0)
    powerpack (0.1.1)
    qa (0.5.0)
      activerecord-import
      deprecation
      nokogiri (~> 1.6.0)
      rails (>= 3.2.13, < 5.0)
      rest-client
    rack (1.6.4)
    rack-protection (1.5.3)
      rack
    rack-test (0.6.3)
      rack (>= 1.0)
    rails (4.2.5)
      actionmailer (= 4.2.5)
      actionpack (= 4.2.5)
      actionview (= 4.2.5)
      activejob (= 4.2.5)
      activemodel (= 4.2.5)
      activerecord (= 4.2.5)
      activesupport (= 4.2.5)
      bundler (>= 1.3.0, < 2.0)
      railties (= 4.2.5)
      sprockets-rails
    rails-deprecated_sanitizer (1.0.3)
      activesupport (>= 4.2.0.alpha)
    rails-dom-testing (1.0.7)
      activesupport (>= 4.2.0.beta, < 5.0)
      nokogiri (~> 1.6.0)
      rails-deprecated_sanitizer (>= 1.0.1)
    rails-html-sanitizer (1.0.3)
      loofah (~> 2.0)
    rails_autolink (1.1.6)
      rails (> 3.1)
    railties (4.2.5)
      actionpack (= 4.2.5)
      activesupport (= 4.2.5)
      rake (>= 0.8.7)
      thor (>= 0.18.1, < 2.0)
    rainbow (2.1.0)
    rake (10.5.0)
    rdf (1.99.1)
      link_header (~> 0.0, >= 0.0.8)
    rdf-aggregate-repo (1.99.0)
      rdf (~> 1.99)
    rdf-isomorphic (1.99.0)
      rdf (~> 1.99)
    rdf-json (1.99.0)
      rdf (~> 1.99)
    rdf-marmotta (0.0.8)
      nokogiri
      rake
      rdf (~> 1.1)
      rdf-rdfxml (~> 1.1)
      sparql-client (~> 1.1.4)
    rdf-microdata (2.0.2)
      htmlentities (~> 4.3)
      nokogiri (~> 1.6)
      rdf (~> 1.1)
      rdf-xsd (~> 1.1)
    rdf-n3 (1.99.0)
      rdf (~> 1.99)
    rdf-rdfa (1.99.0)
      haml (~> 4.0)
      htmlentities (~> 4.3)
      rdf (~> 1.99)
      rdf-aggregate-repo (~> 1.1)
      rdf-xsd (~> 1.1)
    rdf-rdfxml (1.99.0)
      htmlentities (~> 4.3)
      rdf (~> 1.99)
      rdf-rdfa (~> 1.99)
      rdf-xsd (~> 1.99)
    rdf-reasoner (0.3.0)
      rdf (~> 1.1, >= 1.1.4.2)
      rdf-turtle (~> 1.1)
      rdf-vocab (~> 0.8)
      rdf-xsd (~> 1.1)
    rdf-tabular (0.3.0)
      addressable (~> 2.3)
      bcp47 (~> 0.3, >= 0.3.3)
      json-ld (~> 1.1)
      rdf (~> 1.1, >= 1.1.7)
      rdf-vocab (~> 0.8)
      rdf-xsd (~> 1.1)
    rdf-trig (1.99.0.1)
      ebnf (~> 1.0)
      rdf (~> 1.99)
      rdf-turtle (~> 1.99)
    rdf-trix (1.99.0)
      rdf (~> 1.1)
    rdf-turtle (1.99.0)
      ebnf (~> 1.0)
      rdf (~> 1.99)
    rdf-vocab (0.8.7.1)
      rdf (~> 1.1, >= 1.1.10)
    rdf-xsd (1.99.0)
      rdf (~> 1.99)
    redis (3.2.2)
    redis-namespace (1.5.2)
      redis (~> 3.0, >= 3.0.4)
    redlock (0.1.5)
      redis (~> 3, >= 3.0.5)
    ref (2.0.0)
    responders (2.1.1)
      railties (>= 4.2.0, < 5.1)
    resque (1.25.2)
      mono_logger (~> 1.0)
      multi_json (~> 1.0)
      redis-namespace (~> 1.3)
      sinatra (>= 0.9.2)
      vegas (~> 0.1.2)
    resque-pool (0.6.0)
      rake
      resque (~> 1.22)
    resque-status (0.5.0)
      resque (~> 1.19)
    rest-client (1.8.0)
      http-cookie (>= 1.0.2, < 2.0)
      mime-types (>= 1.16, < 3.0)
      netrc (~> 0.7)
    riiif (0.2.0)
      rails (> 3.2.0)
    rsolr (1.0.13)
      builder (>= 2.1.2)
    rspec-activemodel-mocks (1.0.2)
      activemodel (>= 3.0)
      activesupport (>= 3.0)
      rspec-mocks (>= 2.99, < 4.0)
    rspec-core (3.4.1)
      rspec-support (~> 3.4.0)
    rspec-expectations (3.4.0)
      diff-lcs (>= 1.2.0, < 2.0)
      rspec-support (~> 3.4.0)
    rspec-mocks (3.4.1)
      diff-lcs (>= 1.2.0, < 2.0)
      rspec-support (~> 3.4.0)
    rspec-rails (3.4.0)
      actionpack (>= 3.0, < 4.3)
      activesupport (>= 3.0, < 4.3)
      railties (>= 3.0, < 4.3)
      rspec-core (~> 3.4.0)
      rspec-expectations (~> 3.4.0)
      rspec-mocks (~> 3.4.0)
      rspec-support (~> 3.4.0)
    rspec-support (3.4.1)
    rubocop (0.37.2)
      parser (>= 2.3.0.4, < 3.0)
      powerpack (~> 0.1)
      rainbow (>= 1.99.1, < 3.0)
      ruby-progressbar (~> 1.7)
      unicode-display_width (~> 0.3)
    ruby-progressbar (1.7.5)
    rubyzip (1.1.7)
    safe_yaml (1.0.4)
    sass (3.4.21)
    sass-rails (5.0.4)
      railties (>= 4.0.0, < 5.0)
      sass (~> 3.1)
      sprockets (>= 2.8, < 4.0)
      sprockets-rails (>= 2.0, < 4.0)
      tilt (>= 1.1, < 3)
    scrub_rb (1.0.1)
    settingslogic (2.0.9)
    simple_form (3.1.1)
      actionpack (~> 4.0)
      activemodel (~> 4.0)
    sinatra (1.4.7)
      rack (~> 1.5)
      rack-protection (~> 1.4)
      tilt (>= 1.3, < 3)
    slop (3.6.0)
    solrizer (3.3.0)
      activesupport
      daemons
      nokogiri
      stomp
      xml-simple
    sparql (1.99.0)
      builder (~> 3.2)
      ebnf (~> 1.0)
      rdf (~> 1.99)
      rdf-aggregate-repo (~> 1.99)
      rdf-xsd (~> 1.1)
      sparql-client (~> 1.1)
      sxp (~> 0.1)
    sparql-client (1.1.6)
      net-http-persistent (~> 2.9)
      rdf (~> 1.1)
    spring (1.6.2)
    spring-commands-rspec (1.0.4)
      spring (>= 0.9.1)
    sprockets (3.5.2)
      concurrent-ruby (~> 1.0)
      rack (> 1, < 3)
    sprockets-es6 (0.9.0)
      babel-source (>= 5.8.11)
      babel-transpiler
      sprockets (>= 3.0.0)
    sprockets-rails (3.0.1)
      actionpack (>= 4.0)
      activesupport (>= 4.0)
      sprockets (>= 3.0.0)
    sqlite3 (1.3.11)
    sshkit (1.8.1)
      net-scp (>= 1.1.2)
      net-ssh (>= 2.8.0)
    stomp (1.3.4)
    sxp (0.1.5)
    therubyracer (0.12.2)
      libv8 (~> 3.16.14.0)
      ref
    thor (0.19.1)
    thread_safe (0.3.5)
    tilt (2.0.2)
    timecop (0.7.3)
    turbolinks (2.5.3)
      coffee-rails
    twitter-typeahead-rails (0.11.1)
      actionpack (>= 3.1)
      jquery-rails
      railties (>= 3.1)
    tzinfo (1.2.2)
      thread_safe (~> 0.1)
    uglifier (2.7.2)
      execjs (>= 0.3.0)
      json (>= 1.8.0)
    unf (0.1.4)
      unf_ext
    unf_ext (0.0.7.2)
    unicode-display_width (0.3.1)
    vcr (3.0.1)
    vegas (0.1.11)
      rack (>= 1.0.0)
    warden (1.2.4)
      rack (>= 1.0)
    webmock (1.22.6)
      addressable (>= 2.3.6)
      crack (>= 0.3.2)
      hashdiff
    websocket-driver (0.6.3)
      websocket-extensions (>= 0.1.0)
    websocket-extensions (0.1.2)
    xml-simple (1.1.5)
    xpath (2.0.0)
      nokogiri (~> 1.3)
    yell (2.0.5)

PLATFORMS
  ruby

DEPENDENCIES
  active-triples (~> 0.7.5)
  american_date (~> 1.1.0)
  awesome_print
  blacklight (~> 6.0.1)
  blacklight-gallery (~> 0.5.0)
  blacklight_range_limit (~> 6.0.0)
  byebug
  capistrano (= 3.4.0)
  capistrano-bundler
  capistrano-passenger
  capistrano-rails (>= 1.1.3)
  capybara
  curation_concerns!
  curb
  database_cleaner
  devise (~> 3.5.2)
  devise-guests (~> 0.5.0)
  devise_ldap_authenticatable
  ezid-client (~> 1.2.0)
  factory_girl_rails (~> 4.4)
  hydra-collections!
  hydra-head!
  hydra-role-management
  jbuilder (~> 2.0)
  jettywrapper
  jquery-rails (~> 4.0.5)
  kaminari!
  linked_vocabs (~> 0.3.1)
  mods (~> 2.0.3)
  oargun!
  pg (= 0.18.4)
  poltergeist
  qa (~> 0.5.0)
  rails (= 4.2.5)
  rdf-marmotta (~> 0.0.8)
  rdf-vocab (~> 0.8.4)
  resque-pool
  resque-status
  riiif (~> 0.2.0)
  rsolr (~> 1.0.12)
  rspec-activemodel-mocks
  rspec-rails
  rubocop
  sass-rails (~> 5.0)
  settingslogic
  spring
  spring-commands-rspec
  sqlite3
  therubyracer
  timecop (= 0.7.3)
  traject!
  turbolinks
  uglifier (~> 2.7.2)
  vcr
  webmock

BUNDLED WITH
   1.11.2
