GIT
  remote: git://github.com/ActiveTriples/ActiveTriples.git
  revision: 71ed53a1995f8e8d4b83acaca82ffcca0c2f1249
  ref: 71ed53a
  specs:
    active-triples (0.7.1)
      activemodel (>= 3.0.0)
      activesupport (>= 3.0.0)
      deprecation (~> 0.1)
      linkeddata (~> 1.1)
      rdf (~> 1.1)

GIT
  remote: git://github.com/cbeer/devise-guests.git
  revision: 8ea012c1e3cd637d28158fbf0472e8c56a18a54c
  specs:
    devise-guests (0.4.0)
      devise

GIT
  remote: git://github.com/curationexperts/oargun.git
  revision: e30310086bdbec20d24503710f82131185cd8648
  ref: e303100
  specs:
    oargun (0.0.1)
      active-fedora (~> 9.0)
      active-triples (>= 0.6.0)
      activesupport (~> 4.0)
      linked_vocabs (~> 0.2)
      rdf-vocab (~> 0.8)
      rest-client (~> 1.7)

GIT
  remote: git://github.com/jcoyne/kaminari.git
  revision: 7f7108e12bdd64eb5a76177633768feb14df5453
  branch: sufia
  specs:
    kaminari (1.0.0.alpha)
      actionpack (>= 3.0.0)
      activesupport (>= 3.0.0)

GIT
  remote: git://github.com/jcoyne/linked_vocabs.git
  revision: 237e39653a0b23db0b15c342acd998de2b0ac2bb
  branch: with_0.7_validation
  specs:
    linked_vocabs (0.2.0)
      active-triples (>= 0.6.0)
      rake
      rdf (>= 1.1.2.1)
      sparql
      sparql-client

GIT
  remote: git://github.com/projecthydra/active_fedora.git
  revision: fec345a5b4fba4091f582bef650a4d731b5289b6
  ref: fec345a
  specs:
    active-fedora (9.3.0)
      active-triples (~> 0.7.1)
      activesupport (>= 4.1.0)
      deprecation
      ldp (~> 0.3.1)
      linkeddata
      nom-xml (>= 0.5.1)
      om (~> 3.1)
      rdf-rdfxml (~> 1.1.0)
      rsolr (~> 1.0.10)

GIT
  remote: git://github.com/projecthydra/hydra-head.git
  revision: cc8fe534874f54331528ffdf6a7ab6ba1902731b
  ref: cc8fe53
  specs:
    hydra-access-controls (9.2.2)
      active-fedora (~> 9.0)
      activesupport (~> 4.0)
      blacklight (~> 5.10)
      cancancan (~> 1.8)
      deprecation (~> 0.1)
      sass-rails
    hydra-core (9.2.2)
      active-fedora (~> 9.1)
      hydra-access-controls (= 9.2.2)
      jettywrapper (>= 2.0.0)
      rails (~> 4.0)
    hydra-head (9.2.2)
      hydra-access-controls (= 9.2.2)
      hydra-core (= 9.2.2)
      rails (>= 3.2.6)

GIT
  remote: git://github.com/traject/traject.git
  revision: 656a992c400a472bf5b738ec7a3aa208cc449472
  branch: allow_nil_default
  specs:
    traject (2.1.0)
      concurrent-ruby (>= 0.8.0)
      dot-properties (>= 0.1.1)
      hashie (~> 3.1)
      httpclient (~> 2.5)
      marc (~> 1.0)
      marc-fastxmlwriter (~> 1.0)
      slop (>= 3.4.5, < 4.0)
      yell

GEM
  remote: https://rubygems.org/
  specs:
    actionmailer (4.2.4)
      actionpack (= 4.2.4)
      actionview (= 4.2.4)
      activejob (= 4.2.4)
      mail (~> 2.5, >= 2.5.4)
      rails-dom-testing (~> 1.0, >= 1.0.5)
    actionpack (4.2.4)
      actionview (= 4.2.4)
      activesupport (= 4.2.4)
      rack (~> 1.6)
      rack-test (~> 0.6.2)
      rails-dom-testing (~> 1.0, >= 1.0.5)
      rails-html-sanitizer (~> 1.0, >= 1.0.2)
    actionview (4.2.4)
      activesupport (= 4.2.4)
      builder (~> 3.1)
      erubis (~> 2.7.0)
      rails-dom-testing (~> 1.0, >= 1.0.5)
      rails-html-sanitizer (~> 1.0, >= 1.0.2)
    activefedora-aggregation (0.4.2)
      active-fedora
      activesupport
      rdf-vocab (~> 0.8.1)
    activejob (4.2.4)
      activesupport (= 4.2.4)
      globalid (>= 0.3.0)
    activemodel (4.2.4)
      activesupport (= 4.2.4)
      builder (~> 3.1)
    activerecord (4.2.4)
      activemodel (= 4.2.4)
      activesupport (= 4.2.4)
      arel (~> 6.0)
    activerecord-import (0.10.0)
      activerecord (>= 3.0)
    activesupport (4.2.4)
      i18n (~> 0.7)
      json (~> 1.7, >= 1.7.7)
      minitest (~> 5.1)
      thread_safe (~> 0.3, >= 0.3.4)
      tzinfo (~> 1.1)
    addressable (2.3.8)
    american_date (1.1.1)
    arel (6.0.3)
    autoprefixer-rails (6.1.0.1)
      execjs
      json
    awesome_print (1.6.1)
    bcrypt (3.1.10)
    blacklight (5.14.0)
      bootstrap-sass (~> 3.2)
      deprecation
      kaminari (>= 0.15)
      nokogiri (~> 1.6)
      rails (>= 3.2.6, < 5)
      rsolr (~> 1.0.11)
    blacklight-gallery (0.4.0)
      blacklight (~> 5.12)
      bootstrap-sass (~> 3.0)
      openseadragon (>= 0.2.0)
      rails
    bootstrap-sass (3.3.5.1)
      autoprefixer-rails (>= 5.0.0.1)
      sass (>= 3.3.0)
    bootstrap_form (2.3.0)
    builder (3.2.2)
    byebug (8.2.0)
    cancancan (1.13.1)
    capistrano (3.4.0)
      i18n
      rake (>= 10.0.0)
      sshkit (~> 1.3)
    capistrano-bundler (1.1.4)
      capistrano (~> 3.1)
      sshkit (~> 1.2)
    capistrano-passenger (0.1.1)
      capistrano (~> 3.0)
    capistrano-rails (1.1.5)
      capistrano (~> 3.1)
      capistrano-bundler (~> 1.1)
    capybara (2.5.0)
      mime-types (>= 1.16)
      nokogiri (>= 1.3.3)
      rack (>= 1.0.0)
      rack-test (>= 0.5.4)
      xpath (~> 2.0)
    childprocess (0.5.7)
      ffi (~> 1.0, >= 1.0.11)
    cliver (0.3.2)
    coffee-rails (4.1.0)
      coffee-script (>= 2.2.0)
      railties (>= 4.0.0, < 5.0)
    coffee-script (2.4.1)
      coffee-script-source
      execjs
    coffee-script-source (1.10.0)
    colorize (0.7.7)
    concurrent-ruby (0.9.2)
    crack (0.4.2)
      safe_yaml (~> 1.0.0)
    curb (0.8.8)
    daemons (1.2.3)
    database_cleaner (1.5.1)
    deprecation (0.2.2)
      activesupport
    devise (3.5.2)
      bcrypt (~> 3.0)
      orm_adapter (~> 0.1)
      railties (>= 3.2.6, < 5)
      responders
      thread_safe (~> 0.1)
      warden (~> 1.2.3)
    devise_ldap_authenticatable (0.8.5)
      devise (>= 3.4.1)
      net-ldap (>= 0.6.0, <= 0.11)
    diff-lcs (1.2.5)
    domain_name (0.5.25)
      unf (>= 0.0.5, < 1.0.0)
    dot-properties (0.1.3)
    ebnf (1.0.0)
      rdf (~> 1.1)
      sxp (~> 0.1, >= 0.1.3)
    equivalent-xml (0.6.0)
      nokogiri (>= 1.4.3)
    erubis (2.7.0)
    execjs (2.6.0)
    ezid-client (1.1.1)
    factory_girl (4.5.0)
      activesupport (>= 3.0.0)
    factory_girl_rails (4.5.0)
      factory_girl (~> 4.5.0)
      railties (>= 3.0.0)
    faraday (0.9.2)
      multipart-post (>= 1.2, < 3)
    ffi (1.9.10)
    globalid (0.3.6)
      activesupport (>= 4.1.0)
    haml (4.0.7)
      tilt
    hashdiff (0.2.3)
    hashie (3.4.3)
    htmlentities (4.3.4)
    http-cookie (1.0.2)
      domain_name (~> 0.5)
    http_logger (0.5.1)
    httpclient (2.7.0.1)
    hydra-collections (5.0.3)
      blacklight (~> 5.10)
      deprecation (~> 0.1)
      hydra-head (~> 9.1)
    hydra-editor (1.0.4)
      active-fedora (>= 9.0.0)
      cancancan (~> 1.8)
      rails (~> 4.1)
      simple_form (~> 3.1.0)
    hydra-role-management (0.2.2)
      blacklight
      bootstrap_form
      cancancan
    i18n (0.7.0)
    iso-639 (0.2.5)
    jbuilder (2.3.2)
      activesupport (>= 3.0.0, < 5)
      multi_json (~> 1.2)
    jettywrapper (2.0.3)
      activesupport (>= 3.0.0)
      childprocess
      i18n
      logger
      rubyzip
    jquery-rails (4.0.5)
      rails-dom-testing (~> 1.0)
      railties (>= 4.2.0)
      thor (>= 0.14, < 2.0)
    json (1.8.3)
    json-ld (1.1.11.1)
      multi_json (~> 1.11)
      rdf (~> 1.1, >= 1.1.17, < 1.99)
    ldp (0.3.1)
      faraday
      http_logger
      linkeddata (>= 1.1)
      slop
    libv8 (3.16.14.13)
    link_header (0.0.8)
    linkeddata (1.1.2)
      equivalent-xml (~> 0.4)
      json-ld (~> 1.1, >= 1.1.7)
      nokogiri (~> 1.6)
      rdf (~> 1.1, >= 1.1.7)
      rdf-aggregate-repo (~> 1.1)
      rdf-isomorphic (~> 1.1)
      rdf-json (~> 1.1)
      rdf-microdata (~> 2.0)
      rdf-n3 (~> 1.1)
      rdf-rdfa (~> 1.1, >= 1.1.5)
      rdf-rdfxml (~> 1.1, >= 1.1.3)
      rdf-reasoner (~> 0.2, >= 0.2.1)
      rdf-trig (~> 1.1, >= 1.1.3)
      rdf-trix (~> 1.1)
      rdf-turtle (~> 1.1, >= 1.1.5)
      sparql (~> 1.1, >= 1.1.4)
      sparql-client (~> 1.1, >= 1.1.3)
    logger (1.2.8)
    loofah (2.0.3)
      nokogiri (>= 1.5.9)
    mail (2.6.3)
      mime-types (>= 1.16, < 3)
    marc (1.0.0)
      scrub_rb (>= 1.0.1, < 2)
      unf
    marc-fastxmlwriter (1.0.0)
      marc (~> 1.0)
    mime-types (2.6.2)
    mini_portile (0.6.2)
    minitest (5.8.2)
    mods (2.0.3)
      iso-639
      nokogiri
      nom-xml (~> 0.5.2)
    mono_logger (1.1.0)
    multi_json (1.11.2)
    multipart-post (2.0.0)
    net-http-persistent (2.9.4)
    net-ldap (0.11)
    net-scp (1.2.1)
      net-ssh (>= 2.6.5)
    net-ssh (3.0.1)
    netrc (0.11.0)
    nokogiri (1.6.6.2)
      mini_portile (~> 0.6.0)
    nom-xml (0.5.4)
      activesupport (>= 3.2.18)
      i18n
      nokogiri
    om (3.1.0)
      activemodel
      activesupport
      nokogiri (>= 1.4.2)
      solrizer (~> 3.3)
    openseadragon (0.2.1)
      rails (> 3.2.0)
    orm_adapter (0.5.0)
    pg (0.18.3)
    poltergeist (1.7.0)
      capybara (~> 2.1)
      cliver (~> 0.3.1)
      multi_json (~> 1.0)
      websocket-driver (>= 0.2.0)
    qa (0.5.0)
      activerecord-import
      deprecation
      nokogiri (~> 1.6.0)
      rails (>= 3.2.13, < 5.0)
      rest-client
    rack (1.6.4)
    rack-protection (1.5.3)
      rack
    rack-test (0.6.3)
      rack (>= 1.0)
    rails (4.2.4)
      actionmailer (= 4.2.4)
      actionpack (= 4.2.4)
      actionview (= 4.2.4)
      activejob (= 4.2.4)
      activemodel (= 4.2.4)
      activerecord (= 4.2.4)
      activesupport (= 4.2.4)
      bundler (>= 1.3.0, < 2.0)
      railties (= 4.2.4)
      sprockets-rails
    rails-deprecated_sanitizer (1.0.3)
      activesupport (>= 4.2.0.alpha)
    rails-dom-testing (1.0.7)
      activesupport (>= 4.2.0.beta, < 5.0)
      nokogiri (~> 1.6.0)
      rails-deprecated_sanitizer (>= 1.0.1)
    rails-html-sanitizer (1.0.2)
      loofah (~> 2.0)
    railties (4.2.4)
      actionpack (= 4.2.4)
      activesupport (= 4.2.4)
      rake (>= 0.8.7)
      thor (>= 0.18.1, < 2.0)
    rake (10.4.2)
    rdf (1.1.17.1)
      link_header (~> 0.0, >= 0.0.8)
    rdf-aggregate-repo (1.1.0.1)
      rdf (~> 1.1, < 1.99)
    rdf-isomorphic (1.1.0.2)
      rdf (~> 1.1, >= 1.1.17, < 1.99)
    rdf-json (1.1.2.1)
      rdf (~> 1.1, < 1.99)
    rdf-marmotta (0.0.8)
      nokogiri
      rake
      rdf (~> 1.1)
      rdf-rdfxml (~> 1.1)
      sparql-client (~> 1.1.4)
    rdf-microdata (2.0.2)
      htmlentities (~> 4.3)
      nokogiri (~> 1.6)
      rdf (~> 1.1)
      rdf-xsd (~> 1.1)
    rdf-n3 (1.1.3.1)
      rdf (~> 1.1, >= 1.1.17, < 1.99)
    rdf-rdfa (1.1.6.1)
      haml (~> 4.0)
      htmlentities (~> 4.3)
      rdf (~> 1.1, >= 1.1.6, < 1.99)
      rdf-aggregate-repo (~> 1.1, < 1.99)
      rdf-xsd (~> 1.1, < 1.99)
    rdf-rdfxml (1.1.5.1)
      htmlentities (~> 4.3)
      rdf (~> 1.1, >= 1.1.6, < 1.99)
      rdf-rdfa (~> 1.1, >= 1.1.4.1, < 1.99)
      rdf-xsd (~> 1.1, < 1.99)
    rdf-reasoner (0.3.0)
      rdf (~> 1.1, >= 1.1.4.2)
      rdf-turtle (~> 1.1)
      rdf-vocab (~> 0.8)
      rdf-xsd (~> 1.1)
    rdf-trig (1.1.3)
      ebnf (>= 0.3.5)
      rdf (~> 1.1, >= 1.1.2.1)
      rdf-turtle (~> 1.1, >= 1.1.3)
    rdf-trix (1.99.0)
      rdf (~> 1.1)
    rdf-turtle (1.1.8.1)
      ebnf (~> 1.0)
      rdf (~> 1.1, >= 1.1.10, < 1.99)
    rdf-vocab (0.8.7.1)
      rdf (~> 1.1, >= 1.1.10)
    rdf-xsd (1.1.5.1)
      rdf (~> 1.1, >= 1.1.9, < 1.99)
    redis (3.2.1)
    redis-namespace (1.5.2)
      redis (~> 3.0, >= 3.0.4)
    ref (2.0.0)
    responders (2.1.0)
      railties (>= 4.2.0, < 5)
    resque (1.25.2)
      mono_logger (~> 1.0)
      multi_json (~> 1.0)
      redis-namespace (~> 1.3)
      sinatra (>= 0.9.2)
      vegas (~> 0.1.2)
    resque-pool (0.6.0)
      rake
      resque (~> 1.22)
    resque-status (0.5.0)
      resque (~> 1.19)
    rest-client (1.8.0)
      http-cookie (>= 1.0.2, < 2.0)
      mime-types (>= 1.16, < 3.0)
      netrc (~> 0.7)
    riiif (0.1.0)
      rails (> 3.2.0)
    rsolr (1.0.13)
      builder (>= 2.1.2)
    rspec-activemodel-mocks (1.0.2)
      activemodel (>= 3.0)
      activesupport (>= 3.0)
      rspec-mocks (>= 2.99, < 4.0)
    rspec-core (3.4.0)
      rspec-support (~> 3.4.0)
    rspec-expectations (3.4.0)
      diff-lcs (>= 1.2.0, < 2.0)
      rspec-support (~> 3.4.0)
    rspec-mocks (3.4.0)
      diff-lcs (>= 1.2.0, < 2.0)
      rspec-support (~> 3.4.0)
    rspec-rails (3.4.0)
      actionpack (>= 3.0, < 4.3)
      activesupport (>= 3.0, < 4.3)
      railties (>= 3.0, < 4.3)
      rspec-core (~> 3.4.0)
      rspec-expectations (~> 3.4.0)
      rspec-mocks (~> 3.4.0)
      rspec-support (~> 3.4.0)
    rspec-support (3.4.0)
    rubyzip (1.1.7)
    safe_yaml (1.0.4)
    sass (3.4.19)
    sass-rails (5.0.4)
      railties (>= 4.0.0, < 5.0)
      sass (~> 3.1)
      sprockets (>= 2.8, < 4.0)
      sprockets-rails (>= 2.0, < 4.0)
      tilt (>= 1.1, < 3)
    scrub_rb (1.0.1)
    settingslogic (2.0.9)
    simple_form (3.1.1)
      actionpack (~> 4.0)
      activemodel (~> 4.0)
    sinatra (1.4.6)
      rack (~> 1.4)
      rack-protection (~> 1.4)
      tilt (>= 1.3, < 3)
    slop (3.6.0)
    solrizer (3.3.0)
      activesupport
      daemons
      nokogiri
      stomp
      xml-simple
    sparql (1.1.9.1)
      builder (~> 3.2)
      ebnf (~> 1.0)
      rdf (~> 1.1, >= 1.1.13, < 1.99)
      rdf-aggregate-repo (~> 1.1, >= 1.1.0, < 1.99)
      rdf-xsd (~> 1.1, < 1.99)
      sparql-client (~> 1.1, < 1.99)
      sxp (~> 0.1)
    sparql-client (1.1.6.1)
      net-http-persistent (~> 2.9)
      rdf (~> 1.1, < 1.99)
    spring (1.4.1)
    spring-commands-rspec (1.0.4)
      spring (>= 0.9.1)
    sprockets (3.4.0)
      rack (> 1, < 3)
    sprockets-rails (2.3.3)
      actionpack (>= 3.0)
      activesupport (>= 3.0)
      sprockets (>= 2.8, < 4.0)
    sqlite3 (1.3.11)
    sshkit (1.7.1)
      colorize (>= 0.7.0)
      net-scp (>= 1.1.2)
      net-ssh (>= 2.8.0)
    stomp (1.3.4)
    sxp (0.1.5)
    therubyracer (0.12.2)
      libv8 (~> 3.16.14.0)
      ref
    thor (0.19.1)
    thread_safe (0.3.5)
    tilt (2.0.1)
    timecop (0.7.3)
    turbolinks (2.5.3)
      coffee-rails
    tzinfo (1.2.2)
      thread_safe (~> 0.1)
    uglifier (2.7.2)
      execjs (>= 0.3.0)
      json (>= 1.8.0)
    unf (0.1.4)
      unf_ext
    unf_ext (0.0.7.1)
    vcr (3.0.0)
    vegas (0.1.11)
      rack (>= 1.0.0)
    warden (1.2.3)
      rack (>= 1.0)
    webmock (1.22.3)
      addressable (>= 2.3.6)
      crack (>= 0.3.2)
      hashdiff
    websocket-driver (0.6.3)
      websocket-extensions (>= 0.1.0)
    websocket-extensions (0.1.2)
    xml-simple (1.1.5)
    xpath (2.0.0)
      nokogiri (~> 1.3)
    yell (2.0.5)

PLATFORMS
  ruby

DEPENDENCIES
  active-fedora!
  active-triples!
  activefedora-aggregation (~> 0.4.0)
  american_date (~> 1.1.0)
  awesome_print
  blacklight (~> 5.14.0)
  blacklight-gallery
  byebug
  capistrano
  capistrano-bundler
  capistrano-passenger
  capistrano-rails (>= 1.1.3)
  capybara
  curb
  database_cleaner
  devise (~> 3.5.2)
  devise-guests!
  devise_ldap_authenticatable
  ezid-client (~> 1.0)
  factory_girl_rails (~> 4.4)
  hydra-collections (~> 5.0.1)
  hydra-editor (~> 1.0.4)
  hydra-head!
  hydra-role-management
  jbuilder (~> 2.0)
  jettywrapper
  jquery-rails (~> 4.0.5)
  kaminari!
  linked_vocabs!
  mods (~> 2.0.3)
  oargun!
  pg (= 0.18.3)
  poltergeist
  qa (~> 0.5.0)
  rails (= 4.2.4)
  rdf-marmotta (~> 0.0.8)
  rdf-vocab (~> 0.8.4)
  resque-pool
  resque-status
  riiif (~> 0.1.0)
  rsolr (~> 1.0.12)
  rspec-activemodel-mocks
  rspec-rails
  sass-rails (~> 5.0)
  settingslogic
  spring
  spring-commands-rspec
  sqlite3
  therubyracer
  timecop (= 0.7.3)
  traject!
  turbolinks
  uglifier (~> 2.7.2)
  vcr
  webmock

BUNDLED WITH
   1.10.6
